GEM
  remote: https://rubygems.org/
  specs:
    CFPropertyList (2.2.8)
    diff-lcs (1.3)
    domain_name (0.5.20170404)
      unf (>= 0.0.5, < 1.0.0)
    facter (2.4.6)
      CFPropertyList (~> 2.2.6)
    hiera (1.3.4)
      json_pure
    hiera-puppet-helper (1.0.1)
    http-cookie (1.0.3)
      domain_name (~> 0.5)
    json (1.8.6)
    json_pure (1.8.6)
    metaclass (0.0.4)
    mime-types (2.99.3)
    mocha (1.2.1)
      metaclass (~> 0.0.1)
    netrc (0.11.0)
    puppet (3.7.5)
      facter (> 1.6, < 3)
      hiera (~> 1.0)
      json_pure
    puppet-blacksmith (3.4.0)
      puppet (>= 2.7.16)
      rest-client (~> 1.8.0)
    puppet-lint (2.2.1)
    puppet-syntax (2.4.1)
      rake
    puppetlabs_spec_helper (2.2.0)
      mocha (~> 1.0)
      puppet-lint (~> 2.0)
      puppet-syntax (~> 2.0)
      rspec-puppet (~> 2.0)
    rake (10.5.0)
    rest-client (1.8.0)
      http-cookie (>= 1.0.2, < 2.0)
      mime-types (>= 1.16, < 3.0)
      netrc (~> 0.7)
    rspec (3.1.0)
      rspec-core (~> 3.1.0)
      rspec-expectations (~> 3.1.0)
      rspec-mocks (~> 3.1.0)
    rspec-core (3.1.7)
      rspec-support (~> 3.1.0)
    rspec-expectations (3.1.2)
      diff-lcs (>= 1.2.0, < 2.0)
      rspec-support (~> 3.1.0)
    rspec-mocks (3.1.3)
      rspec-support (~> 3.1.0)
    rspec-puppet (2.6.4)
      rspec
    rspec-support (3.1.2)
    unf (0.1.4)
      unf_ext
    unf_ext (0.0.7.4)

PLATFORMS
  ruby

DEPENDENCIES
  hiera
  hiera-puppet-helper
  json (~> 1.8.3)
  json_pure (~> 1.8.3)
  puppet (~> 3.7.0)
  puppet-blacksmith
  puppet-lint
  puppet-syntax
  puppetlabs_spec_helper
  rake (< 11.0.0)
  rspec (< 3.2.0)
  rspec-core (= 3.1.7)
  rspec-puppet (~> 2.1)

BUNDLED WITH
   1.12.5
